GEM
  remote: https://rubygems.org/
  specs:
    byebug (10.0.2)
    coderay (1.1.2)
    diff-lcs (1.3)
    docile (1.3.0)
    ethon (0.11.0)
      ffi (>= 1.3.0)
    ffi (1.9.23)
    json (2.1.0)
    method_source (0.9.0)
    pry (0.11.3)
      coderay (~> 1.1.0)
      method_source (~> 0.9.0)
    pry-byebug (3.6.0)
      byebug (~> 10.0)
      pry (~> 0.10)
    rspec (3.7.0)
      rspec-core (~> 3.7.0)
      rspec-expectations (~> 3.7.0)
      rspec-mocks (~> 3.7.0)
    rspec-core (3.7.1)
      rspec-support (~> 3.7.0)
    rspec-expectations (3.7.0)
      diff-lcs (>= 1.2.0, < 2.0)
      rspec-support (~> 3.7.0)
    rspec-mocks (3.7.0)
      diff-lcs (>= 1.2.0, < 2.0)
      rspec-support (~> 3.7.0)
    rspec-support (3.7.1)
    simplecov (0.16.1)
      docile (~> 1.1)
      json (>= 1.8, < 3)
      simplecov-html (~> 0.10.0)
    simplecov-html (0.10.2)
    typhoeus (1.3.0)
      ethon (>= 0.9.0)

PLATFORMS
  ruby

DEPENDENCIES
  json (~> 2.1)
  pry (~> 0.11.3)
  pry-byebug (~> 3.6)
  rspec (~> 3.0)
  simplecov (~> 0.16)
  typhoeus (~> 1.0)

BUNDLED WITH
   1.16.1
